GEM
  remote: https://rubygems.org/
  specs:
    log4r (1.1.10)
    multi_json (1.11.1)
    racker (0.1.6)
      log4r (~> 1.1.10)
      multi_json (~> 1.8)

PLATFORMS
  ruby

DEPENDENCIES
  racker
